PATH
  remote: .
  specs:
    gruis-pineapple (0.0.0)
      dotenv
      faraday
      vcr

GEM
  remote: https://rubygems.org/
  specs:
    coderay (1.1.3)
    dotenv (2.8.1)
    faraday (2.7.7)
      faraday-net_http (>= 2.0, < 3.1)
      ruby2_keywords (>= 0.0.4)
    faraday-net_http (3.0.2)
    method_source (1.0.0)
    pry (0.14.2)
      coderay (~> 1.1)
      method_source (~> 1.0)
    ruby2_keywords (0.0.5)
    vcr (6.1.0)

PLATFORMS
  ruby

DEPENDENCIES
  dotenv
  faraday
  gruis-pineapple!
  pry
  vcr

BUNDLED WITH
   2.1.4
