GEM
  remote: https://rubygems.org/
  specs:
    dotenv (2.8.1)
    faraday (2.7.7)
      faraday-net_http (>= 2.0, < 3.1)
      ruby2_keywords (>= 0.0.4)
    faraday-net_http (3.0.2)
    ruby2_keywords (0.0.5)
    vcr (6.1.0)

PLATFORMS
  ruby

DEPENDENCIES
  dotenv
  faraday
  vcr

BUNDLED WITH
   2.1.4
